GIT
  remote: https://github.com/alphagov/dns-zone
  revision: 13d1127d4e8998ba64de72569ca49db7528ee53f
  specs:
    dns-zone (0.3.1)

GEM
  remote: https://rubygems.org/
  specs:
    activesupport (4.2.8)
      i18n (~> 0.7)
      minitest (~> 5.1)
      thread_safe (~> 0.3, >= 0.3.4)
      tzinfo (~> 1.1)
    ast (2.4.0)
    aws-sdk (2.9.32)
      aws-sdk-resources (= 2.9.32)
    aws-sdk-core (2.9.32)
      aws-sigv4 (~> 1.0)
      jmespath (~> 1.0)
    aws-sdk-resources (2.9.32)
      aws-sdk-core (= 2.9.32)
    aws-sigv4 (1.0.0)
    aws_config (0.1.0)
    awsecrets (1.11.0)
      aws-sdk (~> 2)
      aws_config (~> 0.1.0)
    awspec (0.81.1)
      activesupport (~> 4.0)
      aws-sdk (>= 2.2, < 2.10)
      awsecrets (~> 1.11)
      rspec (~> 3.0)
      rspec-its
      term-ansicolor
      thor
    diff-lcs (1.3)
    dnsruby (1.60.1)
    i18n (0.8.4)
    jaro_winkler (1.5.4)
    jmespath (1.3.1)
    minitest (5.10.2)
    parallel (1.18.0)
    parser (2.6.5.0)
      ast (~> 2.4.0)
    rack (2.0.7)
    rainbow (3.0.0)
    rake (10.5.0)
    rspec (3.6.0)
      rspec-core (~> 3.6.0)
      rspec-expectations (~> 3.6.0)
      rspec-mocks (~> 3.6.0)
    rspec-core (3.6.0)
      rspec-support (~> 3.6.0)
    rspec-expectations (3.6.0)
      diff-lcs (>= 1.2.0, < 2.0)
      rspec-support (~> 3.6.0)
    rspec-its (1.2.0)
      rspec-core (>= 3.0.0)
      rspec-expectations (>= 3.0.0)
    rspec-mocks (3.6.0)
      diff-lcs (>= 1.2.0, < 2.0)
      rspec-support (~> 3.6.0)
    rspec-support (3.6.0)
    rubocop (0.76.0)
      jaro_winkler (~> 1.5.1)
      parallel (~> 1.10)
      parser (>= 2.6)
      rainbow (>= 2.2.2, < 4.0)
      ruby-progressbar (~> 1.7)
      unicode-display_width (>= 1.4.0, < 1.7)
    rubocop-govuk (1.0.0)
      rubocop (~> 0.76)
      rubocop-rails (~> 2)
      rubocop-rspec (~> 1.28)
    rubocop-rails (2.3.2)
      rack (>= 1.1)
      rubocop (>= 0.72.0)
    rubocop-rspec (1.36.0)
      rubocop (>= 0.68.1)
    ruby-progressbar (1.10.1)
    term-ansicolor (1.6.0)
      tins (~> 1.0)
    thor (0.19.4)
    thread_safe (0.3.6)
    tins (1.14.0)
    tzinfo (1.2.3)
      thread_safe (~> 0.1)
    unicode-display_width (1.6.0)

PLATFORMS
  ruby

DEPENDENCIES
  awspec (~> 0.34)
  dns-zone!
  dnsruby
  minitest (~> 5.0)
  rake (~> 10.5)
  rspec
  rubocop-govuk

BUNDLED WITH
   1.17.2
